GEM
  specs:
    sass (3.4.20)

PLATFORMS
  ruby

DEPENDENCIES
  sass (~> 3.4.0)

BUNDLED WITH
   1.11.2
